GEM
  remote: https://rubygems.org/
  specs:
    http-2-next (1.0.1)
    httpx (1.0.2)
      http-2-next (>= 1.0.1)
    manticore (0.9.1-java)
      openssl_pkcs8_pure
    openssl_pkcs8_pure (0.0.0.2)

PLATFORMS
  universal-java-17

DEPENDENCIES
  httpx (~> 1.0)
  manticore (~> 0.9.1)

BUNDLED WITH
   2.4.20
