GEM
  remote: https://rubygems.org/
  specs:
    curb (1.0.5)
    http-2-next (1.0.1)
    httpx (1.1.0)
      http-2-next (>= 1.0.1)
    manticore (0.9.1-java)
      openssl_pkcs8_pure
    openssl_pkcs8_pure (0.0.0.2)

PLATFORMS
  universal-java-17
  universal-java-21
  x86_64-freebsd-13

DEPENDENCIES
  curb (~> 1.0)
  httpx (~> 1.1)
  manticore (~> 0.9.1)

BUNDLED WITH
   2.4.20
